RESTRICTION: >= net45
NUGET
  remote: https://www.nuget.org/api/v2
    DiffSharp (0.6.3)
      FsAlg (>= 0.5.8)
      FSharp.Quotations.Evaluator (>= 1.0.6)
    FsAlg (0.5.13)
    FSharp.Core (4.3.4)
    FSharp.Data (2.4.5)
    FSharp.Quotations.Evaluator (1.0.7)
    Google.DataTable.Net.Wrapper (3.1.2)
    MathNet.Numerics (4.4)
    MathNet.Numerics.FSharp (4.4)
      FSharp.Core (>= 4.3.3)
      MathNet.Numerics (>= 4.4)
    Newtonsoft.Json (11.0.1)
    Suave (1.1.3)
      FSharp.Core (>= 3.1.2.5)
    XPlot.GoogleCharts (1.4.5)
      Google.DataTable.Net.Wrapper (>= 3.1.2)
      Newtonsoft.Json (>= 10.0.3)
